GEM
  remote: https://rubygems.org/
  specs:
    addressable (2.4.0)
    capybara (2.10.1)
      addressable
      mime-types (>= 1.16)
      nokogiri (>= 1.3.3)
      rack (>= 1.0.0)
      rack-test (>= 0.5.4)
      xpath (~> 2.0)
<<<<<<< HEAD
    cliver (0.3.2)
=======
>>>>>>> a1a9dd8a5a6185509ce9292e43625258e0788008
    diff-lcs (1.2.5)
    extlib (0.9.16)
    ffi (1.9.14)
    highline (1.7.8)
<<<<<<< HEAD
    listen (3.1.5)
      rb-fsevent (~> 0.9, >= 0.9.4)
      rb-inotify (~> 0.9, >= 0.9.7)
      ruby_dep (~> 1.2)
=======
    listen (3.0.8)
      rb-fsevent (~> 0.9, >= 0.9.4)
      rb-inotify (~> 0.9, >= 0.9.7)
>>>>>>> a1a9dd8a5a6185509ce9292e43625258e0788008
    mime-types (3.1)
      mime-types-data (~> 3.2015)
    mime-types-data (3.2016.0521)
    mini_portile2 (2.1.0)
    nokogiri (1.6.8.1)
      mini_portile2 (~> 2.1.0)
<<<<<<< HEAD
    phantomjs (2.1.1.0)
    poltergeist (1.11.0)
      capybara (~> 2.1)
      cliver (~> 0.3.1)
      websocket-driver (>= 0.2.0)
=======
>>>>>>> a1a9dd8a5a6185509ce9292e43625258e0788008
    rack (1.6.4)
    rack-protection (1.5.3)
      rack
    rack-test (0.6.3)
      rack (>= 1.0)
    rb-fsevent (0.9.7)
    rb-inotify (0.9.7)
      ffi (>= 0.5.0)
    rerun (0.11.0)
      listen (~> 3.0)
    rspec (3.5.0)
      rspec-core (~> 3.5.0)
      rspec-expectations (~> 3.5.0)
      rspec-mocks (~> 3.5.0)
    rspec-core (3.5.4)
      rspec-support (~> 3.5.0)
    rspec-expectations (3.5.0)
      diff-lcs (>= 1.2.0, < 2.0)
      rspec-support (~> 3.5.0)
    rspec-mocks (3.5.0)
      diff-lcs (>= 1.2.0, < 2.0)
      rspec-support (~> 3.5.0)
    rspec-sinatra (0.1.2)
      templater (>= 1.0.0)
    rspec-support (3.5.0)
<<<<<<< HEAD
    ruby_dep (1.5.0)
    shotgun (0.9.2)
      rack (>= 1.0)
=======
>>>>>>> a1a9dd8a5a6185509ce9292e43625258e0788008
    sinatra (1.4.7)
      rack (~> 1.5)
      rack-protection (~> 1.4)
      tilt (>= 1.3, < 3)
    templater (1.0.0)
      diff-lcs (>= 1.1.2)
      extlib (>= 0.9.5)
      highline (>= 1.4.0)
    tilt (2.0.5)
<<<<<<< HEAD
    websocket-driver (0.6.4)
      websocket-extensions (>= 0.1.0)
    websocket-extensions (0.1.2)
=======
>>>>>>> a1a9dd8a5a6185509ce9292e43625258e0788008
    xpath (2.0.0)
      nokogiri (~> 1.3)

PLATFORMS
  ruby

DEPENDENCIES
  capybara
<<<<<<< HEAD
  phantomjs
  poltergeist
  rerun
  rspec
  rspec-sinatra
  shotgun
  sinatra

RUBY VERSION
   ruby 2.3.1p112

=======
  rerun
  rspec
  rspec-sinatra
  sinatra

>>>>>>> a1a9dd8a5a6185509ce9292e43625258e0788008
BUNDLED WITH
   1.13.2
